GEM
  remote: https://rubygems.org/
  specs:
    ProMotion (2.2.1)
      methadone (~> 1.7)
    RedAlert (0.3)
      ruby_motion_query (>= 1.2.0)
    activesupport (4.2.1)
      i18n (~> 0.7)
      json (~> 1.7, >= 1.7.7)
      minitest (~> 5.1)
      thread_safe (~> 0.3, >= 0.3.4)
      tzinfo (~> 1.1)
    claide (0.8.1)
    cocoapods (0.36.1)
      activesupport (>= 3.2.15)
      claide (~> 0.8.1)
      cocoapods-core (= 0.36.1)
      cocoapods-downloader (~> 0.8.1)
      cocoapods-plugins (~> 0.4.1)
      cocoapods-trunk (~> 0.6.0)
      cocoapods-try (~> 0.4.3)
      colored (~> 1.2)
      escape (~> 0.0.4)
      molinillo (~> 0.2.1)
      nap (~> 0.8)
      open4 (~> 1.3)
      xcodeproj (~> 0.23.1)
    cocoapods-core (0.36.1)
      activesupport (>= 3.2.15)
      fuzzy_match (~> 2.0.4)
      nap (~> 0.8.0)
    cocoapods-downloader (0.8.1)
    cocoapods-plugins (0.4.1)
      nap
    cocoapods-trunk (0.6.0)
      nap (>= 0.8)
      netrc (= 0.7.8)
    cocoapods-try (0.4.3)
    colored (1.2)
    escape (0.0.4)
    fuzzy_match (2.0.4)
    i18n (0.7.0)
    json (1.8.2)
    methadone (1.9.0)
      bundler
    minitest (5.5.1)
    molinillo (0.2.3)
    motion-cocoapods (1.7.0)
      cocoapods (>= 0.34)
    motion_print (0.0.5)
    nap (0.8.0)
    netrc (0.7.8)
    open4 (1.3.4)
    rake (12.3.3)
    redpotion (1.0.0)
      ProMotion (~> 2.2.1)
      motion-cocoapods
      motion_print
      ruby_motion_query (~> 1.1)
    ruby_motion_query (1.2.0)
    thread_safe (0.3.5)
    tzinfo (1.2.2)
      thread_safe (~> 0.1)
    xcodeproj (0.23.1)
      activesupport (>= 3)
      colored (~> 1.2)

PLATFORMS
  ruby

DEPENDENCIES
  RedAlert
  rake
  redpotion
